GEM
  remote: https://rubygems.org/
  specs:
    activemodel (6.1.4)
      activesupport (= 6.1.4)
    activerecord (6.1.4)
      activemodel (= 6.1.4)
      activesupport (= 6.1.4)
    activesupport (6.1.4)
      concurrent-ruby (~> 1.0, >= 1.0.2)
      i18n (>= 1.6, < 2)
      minitest (>= 5.1)
      tzinfo (~> 2.0)
      zeitwerk (~> 2.3)
    addressable (2.8.0)
      public_suffix (>= 2.0.2, < 5.0)
    ast (2.4.2)
    aws-eventstream (1.1.1)
    aws-partitions (1.473.0)
    aws-sdk-core (3.115.0)
      aws-eventstream (~> 1, >= 1.0.2)
      aws-partitions (~> 1, >= 1.239.0)
      aws-sigv4 (~> 1.1)
      jmespath (~> 1.0)
    aws-sdk-sqs (1.40.0)
      aws-sdk-core (~> 3, >= 3.112.0)
      aws-sigv4 (~> 1.1)
    aws-sigv4 (1.2.3)
      aws-eventstream (~> 1, >= 1.0.2)
    concurrent-ruby (1.1.9)
    cookiejar (0.3.3)
    crack (0.4.5)
      rexml
    database_cleaner (2.0.1)
      database_cleaner-active_record (~> 2.0.0)
    database_cleaner-active_record (2.0.1)
      activerecord (>= 5.a)
      database_cleaner-core (~> 2.0.0)
    database_cleaner-core (2.0.1)
    debase (0.2.4.1)
      debase-ruby_core_source (>= 0.10.2)
    debase-ruby_core_source (0.10.12)
    declarative (0.0.20)
    declarative-option (0.1.0)
    docile (1.4.0)
    domain_name (0.5.20190701)
      unf (>= 0.0.5, < 1.0.0)
    dry-configurable (0.12.1)
      concurrent-ruby (~> 1.0)
      dry-core (~> 0.5, >= 0.5.0)
    dry-container (0.8.0)
      concurrent-ruby (~> 1.0)
      dry-configurable (~> 0.1, >= 0.1.3)
    dry-core (0.6.0)
      concurrent-ruby (~> 1.0)
    dry-equalizer (0.3.0)
    dry-events (0.3.0)
      concurrent-ruby (~> 1.0)
      dry-core (~> 0.5, >= 0.5)
    dry-inflector (0.2.1)
    dry-initializer (3.0.4)
    dry-logic (1.2.0)
      concurrent-ruby (~> 1.0)
      dry-core (~> 0.5, >= 0.5)
    dry-matcher (0.9.0)
      dry-core (~> 0.4, >= 0.4.8)
    dry-monads (1.3.5)
      concurrent-ruby (~> 1.0)
      dry-core (~> 0.4, >= 0.4.4)
      dry-equalizer
    dry-schema (1.7.0)
      concurrent-ruby (~> 1.0)
      dry-configurable (~> 0.8, >= 0.8.3)
      dry-core (~> 0.5, >= 0.5)
      dry-initializer (~> 3.0)
      dry-logic (~> 1.0)
      dry-types (~> 1.5)
    dry-struct (1.4.0)
      dry-core (~> 0.5, >= 0.5)
      dry-types (~> 1.5)
      ice_nine (~> 0.11)
    dry-transaction (0.13.3)
      dry-container (>= 0.2.8)
      dry-events (>= 0.1.0)
      dry-matcher (>= 0.7.0)
      dry-monads (>= 0.4.0)
    dry-types (1.5.1)
      concurrent-ruby (~> 1.0)
      dry-container (~> 0.3)
      dry-core (~> 0.5, >= 0.5)
      dry-inflector (~> 0.1, >= 0.1.2)
      dry-logic (~> 1.0, >= 1.0.2)
    dry-validation (1.6.0)
      concurrent-ruby (~> 1.0)
      dry-container (~> 0.7, >= 0.7.1)
      dry-core (~> 0.4)
      dry-equalizer (~> 0.2)
      dry-initializer (~> 3.0)
      dry-schema (~> 1.5, >= 1.5.2)
    em-http-request (1.1.7)
      addressable (>= 2.3.4)
      cookiejar (!= 0.3.1)
      em-socksify (>= 0.3)
      eventmachine (>= 1.0.3)
      http_parser.rb (>= 0.6.0)
    em-socksify (0.3.2)
      eventmachine (>= 1.0.0.beta.4)
    eventmachine (1.2.7)
    faye (1.4.0)
      cookiejar (>= 0.3.0)
      em-http-request (>= 1.1.6)
      eventmachine (>= 0.12.0)
      faye-websocket (>= 0.11.0)
      multi_json (>= 1.0.0)
      rack (>= 1.0.0)
      websocket-driver (>= 0.5.1)
    faye-websocket (0.11.1)
      eventmachine (>= 0.12.0)
      websocket-driver (>= 0.5.1)
    ffi (1.15.3)
    ffi-compiler (1.0.1)
      ffi (>= 1.0.0)
      rake
    figaro (1.2.0)
      thor (>= 0.14.0, < 2)
    flog (4.6.4)
      path_expander (~> 1.0)
      ruby_parser (~> 3.1, > 3.1.0)
      sexp_processor (~> 4.8)
    hashdiff (1.0.1)
    hirb (0.7.3)
    http (5.0.1)
      addressable (~> 2.3)
      http-cookie (~> 1.0)
      http-form_data (~> 2.2)
      llhttp-ffi (~> 0.3.0)
    http-cookie (1.0.4)
      domain_name (~> 0.5)
    http-form_data (2.3.0)
    http_parser.rb (0.7.0)
    i18n (1.8.10)
      concurrent-ruby (~> 1.0)
    ice_nine (0.11.2)
    jmespath (1.4.0)
    kwalify (0.7.2)
    listen (3.5.1)
      rb-fsevent (~> 0.10, >= 0.10.3)
      rb-inotify (~> 0.9, >= 0.9.10)
    llhttp-ffi (0.3.1)
      ffi-compiler (~> 1.0)
      rake (~> 13.0)
    minitest (5.14.4)
    minitest-rg (5.2.0)
      minitest (~> 5.0)
    multi_json (1.15.0)
    nio4r (2.5.7)
    parallel (1.20.1)
    parser (3.0.1.1)
      ast (~> 2.4.1)
    path_expander (1.1.0)
    pg (1.2.3)
    psych (3.3.2)
    public_suffix (4.0.6)
    puma (5.3.2)
      nio4r (~> 2.0)
    rack (2.2.3)
    rack-cache (1.12.1)
      rack (>= 0.4)
    rack-test (1.1.0)
      rack (>= 1.0, < 3)
    rainbow (3.0.0)
    rake (13.0.3)
    rb-fsevent (0.11.0)
    rb-inotify (0.10.1)
      ffi (~> 1.0)
    redis (4.3.1)
    redis-rack-cache (2.2.1)
      rack-cache (>= 1.10, < 2)
      redis-store (>= 1.6, < 2)
    redis-store (1.9.0)
      redis (>= 4, < 5)
    reek (6.0.4)
      kwalify (~> 0.7.0)
      parser (~> 3.0.0)
      psych (~> 3.1)
      rainbow (>= 2.0, < 4.0)
    regexp_parser (2.1.1)
    representable (3.0.4)
      declarative (< 0.1.0)
      declarative-option (< 0.2.0)
      uber (< 0.2.0)
    rerun (0.13.1)
      listen (~> 3.0)
    rexml (3.2.5)
    roar (1.1.0)
      representable (~> 3.0.0)
    roda (3.45.0)
      rack
    rubocop (1.18.2)
      parallel (~> 1.10)
      parser (>= 3.0.0.0)
      rainbow (>= 2.2.2, < 4.0)
      regexp_parser (>= 1.8, < 3.0)
      rexml
      rubocop-ast (>= 1.7.0, < 2.0)
      ruby-progressbar (~> 1.7)
      unicode-display_width (>= 1.4.0, < 3.0)
    rubocop-ast (1.7.0)
      parser (>= 3.0.1.1)
    ruby-debug-ide (0.7.2)
      rake (>= 0.8.1)
    ruby-progressbar (1.11.0)
    ruby_parser (3.16.0)
      sexp_processor (~> 4.15, >= 4.15.1)
    sequel (5.46.0)
    sexp_processor (4.15.3)
    shoryuken (5.2.2)
      aws-sdk-core (>= 2)
      concurrent-ruby
      thor
    simplecov (0.21.2)
      docile (~> 1.1)
      simplecov-html (~> 0.11)
      simplecov_json_formatter (~> 0.1)
    simplecov-html (0.12.3)
    simplecov_json_formatter (0.1.3)
    sqlite3 (1.4.2)
    thor (1.1.0)
    tzinfo (2.0.4)
      concurrent-ruby (~> 1.0)
    uber (0.1.0)
    unf (0.1.4)
      unf_ext
    unf_ext (0.0.7.7)
    unicode-display_width (2.0.0)
    vcr (6.0.0)
    webmock (3.13.0)
      addressable (>= 2.3.6)
      crack (>= 0.3.2)
      hashdiff (>= 0.4.0, < 2.0.0)
    websocket-driver (0.7.5)
      websocket-extensions (>= 0.1.0)
    websocket-extensions (0.1.5)
    zeitwerk (2.4.2)

PLATFORMS
  ruby

DEPENDENCIES
  aws-sdk-sqs
  concurrent-ruby
  database_cleaner
  debase
  dry-monads
  dry-struct
  dry-transaction
  dry-types
  dry-validation
  faye
  figaro
  flog
  hirb
  http
  minitest
  minitest-rg
  multi_json
  pg
  puma
  rack
  rack-cache
  rack-test
  rake
  redis
  redis-rack-cache
  reek
  rerun
  roar
  roda
  rubocop
  ruby-debug-ide
  sequel
  shoryuken
  simplecov
  sqlite3
  vcr
  webmock

RUBY VERSION
   ruby 3.0.1p64

BUNDLED WITH
   2.2.15
